GEM
  remote: http://rubygems.org/
  specs:
    adsf (1.0.1)
      rack (>= 1.0.0)
    builder (3.0.0)
    cri (2.0.2)
    haml (3.1.2)
    kramdown (0.13.3)
    mime-types (1.16)
    nanoc (3.2.1)
      nanoc3 (>= 3.2.1)
    nanoc3 (3.2.1)
      cri (~> 2.0)
    rack (1.3.2)
    rdiscount (1.6.8)
    sass (3.1.7)

PLATFORMS
  ruby

DEPENDENCIES
  adsf
  builder
  haml
  kramdown
  mime-types
  nanoc (~> 3)
  rack
  rdiscount
  sass
